PATH
  remote: .
  specs:
    myprecious (0.0.8)
      gems (~> 1.0, >= 1.0.0)
      git (~> 1.5, >= 1.5.0)
      parslet (~> 2.0.0)
      rake-toolkit_program
      rest-client (~> 2.0.2, >= 2.0)

GEM
  remote: https://rubygems.org/
  specs:
    byebug (11.1.1)
    coderay (1.1.2)
    colorize (0.8.1)
    dedent (1.0.1)
    domain_name (0.5.20190701)
      unf (>= 0.0.5, < 1.0.0)
    gems (1.2.0)
    git (1.6.0)
      rchardet (~> 1.8)
    http-cookie (1.0.3)
      domain_name (~> 0.5)
    method_source (1.0.0)
    mime-types (3.3.1)
      mime-types-data (~> 3.2015)
    mime-types-data (3.2019.1009)
    netrc (0.11.0)
    parslet (2.0.0)
    pry (0.13.0)
      coderay (~> 1.1)
      method_source (~> 1.0)
    rake (13.0.1)
    rake-toolkit_program (0.1.1)
      colorize (~> 0.8)
      dedent (~> 1.0)
      rake (>= 10.0)
    rb-readline (0.5.5)
    rchardet (1.8.0)
    rest-client (2.0.2)
      http-cookie (>= 1.0.2, < 2.0)
      mime-types (>= 1.16, < 4.0)
      netrc (~> 0.8)
    unf (0.1.4)
      unf_ext
    unf_ext (0.0.7.7)

PLATFORMS
  ruby

DEPENDENCIES
  bundler (~> 1.13)
  byebug
  myprecious!
  pry (~> 0.13)
  rb-readline (~> 0.5)

BUNDLED WITH
   1.17.3
